GEM
  remote: http://rubygems.org/
  specs:
    daemons (1.2.2)
    eventmachine (1.0.7)
    foreman (0.78.0)
      thor (~> 0.19.1)
    json (1.8.3)
    little-plugger (1.1.3)
    logging (1.8.2)
      little-plugger (>= 1.1.3)
      multi_json (>= 1.8.4)
    multi_json (1.11.1)
    poseidon (0.0.5)
    poseidon_cluster (0.3.2)
      poseidon (>= 0.0.5, < 0.1.0)
      zk
    rack (1.6.2)
    rack-protection (1.5.3)
      rack
    sinatra (1.4.6)
      rack (~> 1.4)
      rack-protection (~> 1.4)
      tilt (>= 1.3, < 3)
    thin (1.6.3)
      daemons (~> 1.0, >= 1.0.9)
      eventmachine (~> 1.0)
      rack (~> 1.0)
    thor (0.19.1)
    tilt (2.0.1)
    zk (1.9.5)
      logging (~> 1.8.2)
      zookeeper (~> 1.4.0)
    zookeeper (1.4.10)

PLATFORMS
  ruby

DEPENDENCIES
  foreman
  json
  poseidon
  poseidon_cluster
  sinatra
  thin

BUNDLED WITH
   1.10.4
